PATH
  remote: ../../rbs
  specs:
    rbs (0.5.0)

GEM
  remote: https://rubygems.org/
  specs:
    stackprof (0.2.15)

PLATFORMS
  ruby

DEPENDENCIES
  rbs!
  stackprof

BUNDLED WITH
   2.1.4
